PATH
  remote: .
  specs:
    yandex_iot_configure (0.1.0)

GEM
  remote: https://rubygems.org/
  specs:
    diff-lcs (1.3)
    faraday (1.0.0)
      multipart-post (>= 1.2, < 3)
    json (2.3.0)
    multipart-post (2.1.1)
    rake (13.0.1)
    rspec (3.5.0)
      rspec-core (~> 3.5.0)
      rspec-expectations (~> 3.5.0)
      rspec-mocks (~> 3.5.0)
    rspec-core (3.5.4)
      rspec-support (~> 3.5.0)
    rspec-expectations (3.5.0)
      diff-lcs (>= 1.2.0, < 2.0)
      rspec-support (~> 3.5.0)
    rspec-mocks (3.5.0)
      diff-lcs (>= 1.2.0, < 2.0)
      rspec-support (~> 3.5.0)
    rspec-support (3.5.0)

PLATFORMS
  ruby

DEPENDENCIES
  bundler (~> 1.16)
  faraday
  json
  rake (~> 13.0)
  rspec
  yandex_iot_configure!

BUNDLED WITH
   1.16.0
